GEM
  remote: https://rubygems.org/
  specs:
    ethon (0.7.2)
      ffi (>= 1.3.0)
    ffi (1.9.6)
    mini_portile (0.6.2)
    nokogiri (1.6.5)
      mini_portile (~> 0.6.0)
    puma (2.10.2)
      rack (>= 1.1, < 2.0)
    rack (1.6.0)
    rack-protection (1.5.3)
      rack
    sinatra (1.4.5)
      rack (~> 1.4)
      rack-protection (~> 1.4)
      tilt (~> 1.3, >= 1.3.4)
    tilt (1.4.1)
    typhoeus (0.7.0)
      ethon (>= 0.7.1)

PLATFORMS
  ruby

DEPENDENCIES
  nokogiri
  puma
  sinatra
  typhoeus
